PATH
  remote: .
  specs:
    rack-cache (1.1)
      rack (>= 0.4)

GEM
  remote: http://rubygems.org/
  specs:
    bacon (1.1.0)
    dalli (1.0.5)
    memcached (1.3.5)
    rack (1.4.0)
    rake (0.9.2.2)

PLATFORMS
  ruby

DEPENDENCIES
  bacon
  dalli
  memcached
  rack-cache!
  rake
